GEM
  remote: https://rubygems.org/
  specs:
    colored (1.2)
    command_line_reporter (3.3.6)
      colored (>= 1.2)
    git (1.2.9.1)
    thor (0.19.1)

PLATFORMS
  ruby

DEPENDENCIES
  command_line_reporter (~> 3.3.6)
  git (~> 1.2.9.1)
  thor (~> 0.19.1)
