PATH
  remote: .
  specs:
    example (0.1.0)
      git (~> 1.2.9.1)
      thor (~> 0.19.1)

GEM
  remote: https://rubygems.org/
  specs:
    git (1.2.9.1)
    thor (0.19.1)

PLATFORMS
  ruby

DEPENDENCIES
  example!
